GEM
  remote: https://rubygems.org/
  specs:
    phantomjs (2.1.1.0)
    rake (11.2.2)
    tilt (2.0.5)

PLATFORMS
  ruby

DEPENDENCIES
  github-pages
  phantomjs
  rake
  rocco
  tilt

BUNDLED WITH
   1.13.1
