GIT
  remote: https://github.com/infews/rocco.git
  revision: d2b9e8e434261d35e9874b42d935d6f6716d5064
  specs:
    rocco (0.8.2)
      mustache
      redcarpet (~> 1.17)

GEM
  remote: https://rubygems.org/
  specs:
    mustache (1.0.2)
    phantomjs (1.9.8.0)
    rake (10.4.2)
    redcarpet (1.17.2)
    tilt (2.0.1)

PLATFORMS
  ruby

DEPENDENCIES
  phantomjs
  rake
  rocco!
  tilt
